GEM
  remote: https://rubygems.org/
  specs:
    mini_portile2 (2.1.0)
    nokogiri (1.6.8.1)
      mini_portile2 (~> 2.1.0)
    pg (0.19.0)
    sequel (4.40.0)

PLATFORMS
  ruby

DEPENDENCIES
  nokogiri
  pg
  sequel

BUNDLED WITH
   1.12.5
